GEM
  remote: https://rubygems.org/
  specs:
    anemone (0.7.2)
      nokogiri (>= 1.3.0)
      robotex (>= 1.0.0)
    image_size (1.5.0)
    log4r (1.1.10)
    mini_portile (0.6.2)
    nokogiri (1.6.6.2)
      mini_portile (~> 0.6.0)
    parallel (1.10.0)
    rake (12.0.0)
    robotex (1.0.0)
    thor (0.19.4)
    wraith (4.0.1)
      anemone
      image_size
      log4r
      parallel
      rake
      robotex
      thor

PLATFORMS
  ruby

DEPENDENCIES
  wraith

BUNDLED WITH
   1.14.3
